GEM
  remote: http://rubygems.org/
  specs:
    abstract (1.0.0)
    actionmailer (3.0.20)
      actionpack (= 3.0.20)
      mail (~> 2.2.19)
    actionpack (3.0.20)
      activemodel (= 3.0.20)
      activesupport (= 3.0.20)
      builder (~> 2.1.2)
      erubis (~> 2.6.6)
      i18n (~> 0.5.0)
      rack (~> 1.2.5)
      rack-mount (~> 0.6.14)
      rack-test (~> 0.5.7)
      tzinfo (~> 0.3.23)
    activemodel (3.0.20)
      activesupport (= 3.0.20)
      builder (~> 2.1.2)
      i18n (~> 0.5.0)
    activerecord (3.0.20)
      activemodel (= 3.0.20)
      activesupport (= 3.0.20)
      arel (~> 2.0.10)
      tzinfo (~> 0.3.23)
    activeresource (3.0.20)
      activemodel (= 3.0.20)
      activesupport (= 3.0.20)
    activesupport (3.0.20)
    arel (2.0.10)
    bcrypt-ruby (3.0.1)
    better_errors (0.9.0)
      coderay (>= 1.0.0)
      erubis (>= 2.6.6)
    builder (2.1.2)
    client_side_validations (3.0.4)
      activesupport (~> 3.0.0)
    coderay (1.0.9)
    columnize (0.3.6)
    debugger (1.6.0)
      columnize (>= 0.3.1)
      debugger-linecache (~> 1.2.0)
      debugger-ruby_core_source (~> 1.2.1)
    debugger-linecache (1.2.0)
    debugger-ruby_core_source (1.2.2)
    erubis (2.6.6)
      abstract (>= 1.0.0)
    i18n (0.5.0)
    jquery-rails (3.0.1)
      railties (>= 3.0, < 5.0)
      thor (>= 0.14, < 2.0)
    json (1.8.0)
    mail (2.4.4)
      activesupport (>= 2.3.6)
      i18n (>= 0.4.0)
      mime-types (~> 1.16)
      treetop (~> 1.4.8)
    mime-types (1.21)
    mysql2 (0.2.7)
    polyglot (0.3.3)
    rack (1.2.8)
    rack-mount (0.6.14)
      rack (>= 1.0.0)
    rack-test (0.5.7)
      rack (>= 1.0)
    rails (3.0.20)
      actionmailer (= 3.0.20)
      actionpack (= 3.0.20)
      activerecord (= 3.0.20)
      activeresource (= 3.0.20)
      activesupport (= 3.0.20)
      bundler (~> 1.0)
      railties (= 3.0.20)
    railties (3.0.20)
      actionpack (= 3.0.20)
      activesupport (= 3.0.20)
      rake (>= 0.8.7)
      rdoc (~> 3.4)
      thor (~> 0.14.4)
    rake (0.8.7)
    rdoc (4.0.1)
      json (~> 1.4)
    scoped_search (2.6.0)
      activerecord (>= 2.1.0)
    sqlite3 (1.3.7)
    sqlite3-ruby (1.3.3)
      sqlite3 (>= 1.3.3)
    thor (0.14.6)
    treetop (1.4.12)
      polyglot
      polyglot (>= 0.3.1)
    tzinfo (0.3.35)

PLATFORMS
  ruby

DEPENDENCIES
  bcrypt-ruby
  better_errors
  client_side_validations (= 3.0.4)
  debugger
  jquery-rails
  mysql2 (~> 0.2.7)
  rails (= 3.0.20)
  rake (= 0.8.7)
  scoped_search
  sqlite3-ruby
